GIT
  remote: https://github.com/benbalter/word-to-markdown
  revision: 0631c15ed01bf51dd05faf1e7411349a99ad6817
  specs:
    word-to-markdown (1.1.5)
      cliver (~> 0.3)
      descriptive_statistics (~> 2.5)
      nokogiri-styles (~> 0.1)
      premailer (~> 1.8)
      reverse_markdown (~> 0.6)
      sys-proctable (~> 0.9)

GEM
  remote: https://rubygems.org/
  specs:
    activesupport (4.2.4)
      i18n (~> 0.7)
      json (~> 1.7, >= 1.7.7)
      minitest (~> 5.1)
      thread_safe (~> 0.3, >= 0.3.4)
      tzinfo (~> 1.1)
    addressable (2.3.8)
    cliver (0.3.2)
    coffee-script (2.4.1)
      coffee-script-source
      execjs
    coffee-script-source (1.9.1.1)
    css_parser (1.3.7)
      addressable
    descriptive_statistics (2.5.1)
    execjs (2.6.0)
    ffi (1.9.10)
    github-markdown (0.6.9)
    html-pipeline (2.2.1)
      activesupport (>= 2, < 5)
      nokogiri (>= 1.4)
    htmlentities (4.3.4)
    i18n (0.7.0)
    json (1.8.3)
    listen (3.0.3)
      rb-fsevent (>= 0.9.3)
      rb-inotify (>= 0.9)
    mini_portile (0.6.2)
    minitest (5.8.1)
    nokogiri (1.6.6.2)
      mini_portile (~> 0.6.0)
    nokogiri-styles (0.1.2)
      nokogiri
    premailer (1.8.6)
      css_parser (>= 1.3.6)
      htmlentities (>= 4.0.0)
    rack (1.6.4)
    rack-coffee (1.0.3)
      coffee-script
      rack
    rack-protection (1.5.3)
      rack
    rb-fsevent (0.9.6)
    rb-inotify (0.9.5)
      ffi (>= 0.5.0)
    rerun (0.11.0)
      listen (~> 3.0)
    reverse_markdown (0.8.2)
      nokogiri
    sinatra (1.4.6)
      rack (~> 1.4)
      rack-protection (~> 1.4)
      tilt (>= 1.3, < 3)
    sys-proctable (0.9.8)
    thread_safe (0.3.5)
    tilt (2.0.1)
    tzinfo (1.2.2)
      thread_safe (~> 0.1)

PLATFORMS
  ruby

DEPENDENCIES
  github-markdown
  html-pipeline
  rack-coffee
  rerun
  sinatra
  word-to-markdown!

RUBY VERSION
   ruby 2.2.7p470

BUNDLED WITH
   1.14.6
